GEM
  remote: http://rubygems.org/
  specs:
    ZURB-foundation (2.2.1.4)
      compass (>= 0.12.1)
    activesupport (3.2.6)
      i18n (~> 0.6)
      multi_json (~> 1.0)
    addressable (2.2.8)
    chunky_png (1.2.5)
    coderay (1.0.7)
    coffee-filter (0.1.1)
      coffee-script (>= 2.2.0)
      haml (>= 3.0.18)
    coffee-script (2.2.0)
      coffee-script-source
      execjs
    coffee-script-source (1.3.3)
    compass (0.12.2)
      chunky_png (~> 1.2)
      fssm (>= 0.2.7)
      sass (~> 3.1)
    daemons (1.1.8)
    em-websocket (0.3.6)
      addressable (>= 2.1.1)
      eventmachine (>= 0.12.9)
    eventmachine (1.0.0.beta.3)
    eventmachine (1.0.0.beta.3-x86-mingw32)
    execjs (1.2.13)
      multi_json (~> 1.0)
    ffi (1.0.11)
    fssm (0.2.9)
    guard (1.1.1)
      listen (>= 0.4.2)
      thor (>= 0.14.6)
    guard-livereload (1.0.0)
      em-websocket (>= 0.2.0)
      guard (>= 1.1.0)
      multi_json (~> 1.0)
    haml (3.1.6)
    haml-coderay (0.1.2)
      coderay
      haml
    hike (1.2.1)
    hpricot (0.8.6)
    http_router (0.10.2)
      rack (>= 1.0.0)
      url_mount (~> 0.2.1)
    httpclient (2.2.5)
    i18n (0.6.0)
    json (1.7.3)
    listen (0.4.6)
      rb-fchange (~> 0.0.5)
      rb-fsevent (~> 0.9.1)
      rb-inotify (~> 0.8.8)
    maruku (0.6.0)
      syntax (>= 1.0.0)
    middleman (2.0.16)
      coffee-script (~> 2.2.0)
      compass (~> 0.11)
      execjs (~> 1.2.7)
      guard (~> 1.1.0)
      haml (~> 3.1.0)
      maruku (~> 0.6.0)
      middleman-livereload (~> 0.2.2)
      padrino-core (= 0.10.6)
      padrino-helpers (= 0.10.6)
      rack (~> 1.3.5)
      rack-test (~> 0.6.1)
      sass (>= 3.1.7)
      sinatra (~> 1.3.1)
      slim (~> 1.0.2)
      sprockets (~> 2.0.3)
      thin (~> 1.2.11)
      thor (~> 0.14.0)
      tilt (~> 1.3.1)
      uglifier (~> 1.2)
    middleman (2.0.16-x86-mingw32)
      coffee-script (~> 2.2.0)
      compass (~> 0.11)
      eventmachine (= 1.0.0.beta.3)
      guard (~> 1.1.0)
      haml (~> 3.1.0)
      maruku (~> 0.6.0)
      middleman-livereload (~> 0.2.2)
      padrino-core (= 0.10.6)
      padrino-helpers (= 0.10.6)
      rack (~> 1.3.5)
      rack-test (~> 0.6.1)
      rb-fchange
      sass (>= 3.1.7)
      sinatra (~> 1.3.1)
      slim (~> 1.0.2)
      sprockets (~> 2.0.3)
      thin (~> 1.2.11)
      thor (~> 0.14.0)
      tilt (~> 1.3.1)
      uglifier (~> 1.2)
      win32-process (~> 0.6.5)
    middleman-livereload (0.2.2)
      guard-livereload (~> 1.0)
    middleman-smusher (0.2.0)
      middleman (~> 2.0.2)
      smusher (~> 0.4.8)
    multi_json (1.3.6)
    padrino-core (0.10.6)
      activesupport (~> 3.2.0)
      http_router (~> 0.10.2)
      sinatra (~> 1.3.1)
      thor (~> 0.14.3)
      tilt (~> 1.3.0)
    padrino-helpers (0.10.6)
      i18n (~> 0.6)
      padrino-core (= 0.10.6)
    rack (1.3.6)
    rack-livereload (0.3.6)
      rack
    rack-protection (1.2.0)
      rack
    rack-test (0.6.1)
      rack (>= 1.0)
    rake (0.9.2.2)
    rb-fchange (0.0.5)
      ffi
    rb-fsevent (0.9.1)
    rb-inotify (0.8.8)
      ffi (>= 0.5.0)
    sass (3.1.19)
    sinatra (1.3.2)
      rack (~> 1.3, >= 1.3.6)
      rack-protection (~> 1.2)
      tilt (~> 1.3, >= 1.3.3)
    slim (1.0.4)
      temple (~> 0.3.4)
      tilt (~> 1.3.2)
    smusher (0.4.9)
      httpclient (>= 2.2)
      json
      rake
    sprockets (2.0.4)
      hike (~> 1.2)
      rack (~> 1.0)
      tilt (~> 1.1, != 1.3.0)
    syntax (1.0.0)
    temple (0.3.5)
    thin (1.2.11)
      daemons (>= 1.0.9)
      eventmachine (>= 0.12.6)
      rack (>= 1.0.0)
    thin (1.2.11-x86-mingw32)
      daemons (>= 1.0.9)
      eventmachine (>= 0.12.6)
      rack (>= 1.0.0)
    thor (0.14.6)
    tilt (1.3.3)
    uglifier (1.2.5)
      execjs (>= 0.3.0)
      multi_json (~> 1.3)
    url_mount (0.2.1)
      rack
    win32-api (1.4.8-x86-mingw32)
    win32-process (0.6.5)
      windows-pr (>= 1.1.2)
    windows-api (0.4.1)
      win32-api (>= 1.4.5)
    windows-pr (1.2.1)
      win32-api (>= 1.4.5)
      windows-api (>= 0.3.0)

PLATFORMS
  ruby
  x86-mingw32

DEPENDENCIES
  ZURB-foundation
  coffee-filter
  haml
  haml-coderay
  hpricot
  middleman
  middleman-smusher
  rack-livereload
  sass
